GIT
  remote: https://github.com/18F/uswds-jekyll.git
  revision: 067e1323932978be80874ef96ce9410338dcf1c9
  branch: update-uswds-2.0
  specs:
    uswds-jekyll (5.0.0)
      jekyll (>= 4.0)

GIT
  remote: https://github.com/jekyll/jekyll.git
  revision: a011579fe42ca76fbd531670ed4bc03286b49157
  specs:
    jekyll (4.0.0)
      addressable (~> 2.4)
      colorator (~> 1.0)
      em-websocket (~> 0.5)
      i18n (~> 1.0)
      jekyll-sass-converter (~> 2.0)
      jekyll-watch (~> 2.0)
      kramdown (~> 2.1)
      kramdown-parser-gfm (~> 1.0)
      liquid (~> 4.0)
      mercenary (~> 0.4.0)
      pathutil (~> 0.9)
      rouge (~> 3.0)
      safe_yaml (~> 1.0)
      terminal-table (~> 1.8)

GEM
  remote: https://rubygems.org/
  specs:
    addressable (2.7.0)
      public_suffix (>= 2.0.2, < 5.0)
    colorator (1.1.0)
    concurrent-ruby (1.1.6)
    em-websocket (0.5.1)
      eventmachine (>= 0.12.9)
      http_parser.rb (~> 0.6.0)
    ethon (0.12.0)
      ffi (>= 1.3.0)
    eventmachine (1.2.7)
    ffi (1.12.2)
    forwardable-extended (2.6.0)
    hash-joiner (0.0.7)
      safe_yaml
    html-proofer (3.15.1)
      addressable (~> 2.3)
      mercenary (~> 0.3)
      nokogumbo (~> 2.0)
      parallel (~> 1.3)
      rainbow (~> 3.0)
      typhoeus (~> 1.3)
      yell (~> 2.0)
    http_parser.rb (0.6.0)
    i18n (1.8.2)
      concurrent-ruby (~> 1.0)
    jekyll-sass-converter (2.1.0)
      sassc (> 2.0.1, < 3.0)
    jekyll-sitemap (1.4.0)
      jekyll (>= 3.7, < 5.0)
    jekyll-watch (2.2.1)
      listen (~> 3.0)
    json (2.3.0)
    kramdown (2.1.0)
    kramdown-parser-gfm (1.1.0)
      kramdown (~> 2.0)
    liquid (4.0.3)
    listen (3.2.1)
      rb-fsevent (~> 0.10, >= 0.10.3)
      rb-inotify (~> 0.9, >= 0.9.10)
    mercenary (0.4.0)
    mini_portile2 (2.4.0)
    nokogiri (1.10.8)
      mini_portile2 (~> 2.4.0)
    nokogumbo (2.0.2)
      nokogiri (~> 1.8, >= 1.8.4)
    parallel (1.19.1)
    pathutil (0.16.2)
      forwardable-extended (~> 2.6)
    public_suffix (4.0.3)
    rainbow (3.0.0)
    rb-fsevent (0.10.3)
    rb-inotify (0.10.1)
      ffi (~> 1.0)
    rouge (3.17.0)
    safe_yaml (1.0.5)
    sassc (2.2.1)
      ffi (~> 1.9)
    terminal-table (1.8.0)
      unicode-display_width (~> 1.1, >= 1.1.1)
    typhoeus (1.3.1)
      ethon (>= 0.9.0)
    unicode-display_width (1.7.0)
    yell (2.2.2)

PLATFORMS
  ruby

DEPENDENCIES
  hash-joiner
  html-proofer
  jekyll!
  jekyll-sitemap
  json
  uswds-jekyll!

RUBY VERSION
   ruby 2.7.0p0

BUNDLED WITH
   2.1.2
